PATH
  remote: .
  specs:
    karafka-avro-parser (0.2.0)
      avro_turf (~> 0.8)

GEM
  remote: https://rubygems.org/
  specs:
    avro (1.9.2)
      multi_json
    avro_turf (0.11.0)
      avro (>= 1.7.7, < 1.10)
      excon (~> 0.45)
    diff-lcs (1.4.4)
    excon (0.85.0)
    multi_json (1.15.0)
    rake (13.0.6)
    rspec (3.10.0)
      rspec-core (~> 3.10.0)
      rspec-expectations (~> 3.10.0)
      rspec-mocks (~> 3.10.0)
    rspec-core (3.10.1)
      rspec-support (~> 3.10.0)
    rspec-expectations (3.10.1)
      diff-lcs (>= 1.2.0, < 2.0)
      rspec-support (~> 3.10.0)
    rspec-mocks (3.10.2)
      diff-lcs (>= 1.2.0, < 2.0)
      rspec-support (~> 3.10.0)
    rspec-support (3.10.2)

PLATFORMS
  x86_64-darwin
  x86_64-linux

DEPENDENCIES
  bundler
  karafka-avro-parser!
  rake
  rspec

BUNDLED WITH
   2.2.28
